GEM
  remote: https://rubygems.org/
  specs:
    rack (0.9.1)
    rulers (0.0.1)
      rack (~> 0)

PLATFORMS
  ruby

DEPENDENCIES
  rulers
